GEM
  remote: https://rubygems.org/
  specs:
    better_errors (2.5.1)
      coderay (>= 1.0.0)
      erubi (>= 1.0.0)
      rack (>= 0.9.0)
    byebug (11.0.1)
    coderay (1.1.2)
    commander (4.4.7)
      highline (~> 2.0.0)
    database_cleaner (1.7.0)
    diff-lcs (1.3)
    erubi (1.9.0)
    event_sourcery (0.23.0)
    event_sourcery-postgres (0.8.0)
      event_sourcery (>= 0.14.0)
      pg
      sequel (>= 4.38)
    highline (2.0.3)
    method_source (0.9.2)
    mustermann (1.0.3)
    pg (0.20.0)
    pry (0.12.2)
      coderay (~> 1.1.0)
      method_source (~> 0.9.0)
    pry-byebug (3.7.0)
      byebug (~> 11.0)
      pry (~> 0.10)
    rack (2.0.8)
    rack-protection (2.0.7)
      rack
    rack-test (1.1.0)
      rack (>= 1.0, < 3)
    rake (13.0.1)
    rspec (3.9.0)
      rspec-core (~> 3.9.0)
      rspec-expectations (~> 3.9.0)
      rspec-mocks (~> 3.9.0)
    rspec-core (3.9.0)
      rspec-support (~> 3.9.0)
    rspec-expectations (3.9.0)
      diff-lcs (>= 1.2.0, < 2.0)
      rspec-support (~> 3.9.0)
    rspec-mocks (3.9.0)
      diff-lcs (>= 1.2.0, < 2.0)
      rspec-support (~> 3.9.0)
    rspec-support (3.9.0)
    sequel (5.27.0)
    shotgun (0.9.2)
      rack (>= 1.0)
    sinatra (2.0.7)
      mustermann (~> 1.0)
      rack (~> 2.0)
      rack-protection (= 2.0.7)
      tilt (~> 2.0)
    tilt (2.0.10)

PLATFORMS
  ruby

DEPENDENCIES
  better_errors
  commander
  database_cleaner
  event_sourcery
  event_sourcery-postgres
  pg (= 0.20.0)
  pry-byebug
  rack-test
  rake
  rspec
  shotgun
  sinatra

BUNDLED WITH
   1.17.3
